GIT
  remote: git://github.com/rafaelp/jekyll.git
  revision: 24dd8644bb82e32e3aaa8715bd6d2b80cf243fff
  specs:
    jekyll (0.11.2)
      albino (~> 1.3)
      classifier (~> 1.3)
      directory_watcher (~> 1.1)
      kramdown (~> 0.13)
      liquid (~> 2.3)
      maruku (~> 0.5)

GEM
  remote: https://rubygems.org/
  specs:
    albino (1.3.3)
      posix-spawn (>= 0.3.6)
    classifier (1.3.3)
      fast-stemmer (>= 1.0.0)
    directory_watcher (1.4.1)
    fast-stemmer (1.0.1)
    haml (3.1.4)
    htmlentities (4.3.1)
    jekyll_ext (0.1.4)
    kramdown (0.13.5)
    liquid (2.3.0)
    maruku (0.6.0)
      syntax (>= 1.0.0)
    nokogiri (1.5.2)
    posix-spawn (0.3.6)
    rdiscount (1.6.8)
    sass (3.1.15)
    sequel (3.34.1)
    syntax (1.0.0)
    unidecode (1.0.0)

PLATFORMS
  ruby

DEPENDENCIES
  haml (= 3.1.4)
  htmlentities (= 4.3.1)
  jekyll!
  jekyll_ext (= 0.1.4)
  nokogiri (= 1.5.2)
  rdiscount (= 1.6.8)
  sass (= 3.1.15)
  sequel (= 3.34.1)
  unidecode (= 1.0.0)
